GEM
  remote: https://rubygems.org/
  specs:
    awrence (1.1.0)
    faraday (0.13.1)
      multipart-post (>= 1.2, < 3)
    faraday_middleware (0.10.1)
      faraday (>= 0.7.4, < 1.0)
    multipart-post (2.1.1)
    plissken (1.3.0)
    smartsheet (2.77.2)
      awrence (~> 1.0)
      faraday (~> 0.13.1)
      faraday_middleware (~> 0.10.0)
      plissken (~> 1.2)

PLATFORMS
  ruby
  x64-mingw32

DEPENDENCIES
  smartsheet (>= 1.2.0)

BUNDLED WITH
   1.17.2
